GEM
  remote: https://rubygems.org/
  specs:
    rainbow (3.1.1)

PLATFORMS
  x64-mingw-ucrt

DEPENDENCIES
  rainbow (~> 3.1, >= 3.1.1)

RUBY VERSION
   ruby 3.2.2p53

BUNDLED WITH
   2.4.10
